GEM
  remote: http://rubygems.org/
  specs:
    mime-types (1.19)
    rest-client (1.6.7)
      mime-types (>= 1.16)
    webrick (1.3.1)

PLATFORMS
  x86-mingw32

DEPENDENCIES
  bundler
  rest-client
  webrick
