GEM
  remote: http://rubygems.org/
  specs:
    webrick (1.3.1)

PLATFORMS
  x86-mingw32

DEPENDENCIES
  bundler
  webrick
